GEM
  remote: http://rubygems.org/
  remote: http://rubygems.org/
  specs:
    bson (1.5.1)
    bson_ext (1.5.1)
    mongo (1.5.1)
      bson (= 1.5.1)

PLATFORMS
  ruby

DEPENDENCIES
  bson_ext (= 1.5.1)
  mongo (= 1.5.1)
