GEM
  remote: http://rubygems.org/
  specs:
    rainbow (1.1.3)
    sqlite3 (1.3.5)

PLATFORMS
  ruby

DEPENDENCIES
  rainbow
  sqlite3
